PATH
  remote: .
  specs:
    devp2p (0.0.1)
      block_logger (~> 0.1)
      hashie (~> 3.4)

GEM
  remote: https://rubygems.org/
  specs:
    block_logger (0.1.0)
      logging (~> 2.0)
    coderay (1.1.0)
    hashie (3.4.3)
    little-plugger (1.1.4)
    logging (2.1.0)
      little-plugger (~> 1.1)
      multi_json (~> 1.10)
    method_source (0.8.2)
    minitest (5.8.3)
    multi_json (1.11.2)
    pry (0.10.3)
      coderay (~> 1.1.0)
      method_source (~> 0.8.1)
      slop (~> 3.4)
    rake (10.5.0)
    slop (3.6.0)
    yard (0.8.7.6)

PLATFORMS
  ruby

DEPENDENCIES
  devp2p!
  minitest (= 5.8.3)
  pry
  rake (~> 10.5)
  yard (= 0.8.7.6)

BUNDLED WITH
   1.11.2
