PATH
  remote: .
  specs:
    devp2p (0.3.0)
      bitcoin-secp256k1 (~> 0.4)
      block_logger (= 0.1.2)
      concurrent-ruby (~> 1.0)
      digest-sha3 (~> 1.1)
      hashie (~> 3.4)
      rlp (>= 0.7.1)

GEM
  remote: https://rubygems.org/
  specs:
    bitcoin-secp256k1 (0.4.0)
      ffi (>= 1.9.10)
    block_logger (0.1.2)
      logging (~> 2.0)
    coderay (1.1.0)
    concurrent-ruby (1.0.2)
    digest-sha3 (1.1.0)
    ffi (1.9.10)
    hashie (3.4.4)
    little-plugger (1.1.4)
    logging (2.1.0)
      little-plugger (~> 1.1)
      multi_json (~> 1.10)
    method_source (0.8.2)
    minitest (5.8.3)
    multi_json (1.12.1)
    pry (0.10.3)
      coderay (~> 1.1.0)
      method_source (~> 0.8.1)
      slop (~> 3.4)
    rake (10.5.0)
    rlp (0.7.2)
    slop (3.6.0)
    yard (0.8.7.6)

PLATFORMS
  ruby

DEPENDENCIES
  devp2p!
  minitest (= 5.8.3)
  pry
  rake (~> 10.5)
  yard (= 0.8.7.6)

BUNDLED WITH
   1.11.2
